GEM
  remote: https://rubygems.org/
  specs:
    dotenv (2.1.1)
    excon (0.54.0)
    ffi (1.9.14)
    json (2.0.1)
    listen (3.1.5)
      rb-fsevent (~> 0.9, >= 0.9.4)
      rb-inotify (~> 0.9, >= 0.9.7)
      ruby_dep (~> 1.2)
    mini_portile2 (2.1.0)
    nokogiri (1.6.8.1)
      mini_portile2 (~> 2.1.0)
    petfinder (1.0.3)
      excon (~> 0.26)
      nokogiri (~> 1.6)
    pg (0.19.0)
    rack (1.6.4)
    rack-protection (1.5.3)
      rack
    rb-fsevent (0.9.7)
    rb-inotify (0.9.7)
      ffi (>= 0.5.0)
    rerun (0.11.0)
      listen (~> 3.0)
    ruby_dep (1.3.1)
    rufus-scheduler (3.2.2)
    sequel (4.40.0)
    sinatra (1.4.7)
      rack (~> 1.5)
      rack-protection (~> 1.4)
      tilt (>= 1.3, < 3)
    sinatra-cross_origin (0.3.2)
    tilt (2.0.5)

PLATFORMS
  ruby

DEPENDENCIES
  dotenv!
  json!
  petfinder (= 1.0.3)!
  pg!
  rerun!
  rufus-scheduler!
  sequel!
  sinatra!
  sinatra-cross_origin (~> 0.3.1)!

BUNDLED WITH
   1.13.6
