GEM
  remote: https://rubygems.org/
  specs:
    concurrent-ruby (1.1.4)
    daemons (1.3.1)
    dotenv (2.5.0)
    et-orbi (1.1.6)
      tzinfo
    eventmachine (1.2.7)
    excon (0.71.1)
    ffi (1.9.25)
    fugit (1.1.6)
      et-orbi (~> 1.1, >= 1.1.6)
      raabro (~> 1.1)
    json (2.1.0)
    listen (3.1.5)
      rb-fsevent (~> 0.9, >= 0.9.4)
      rb-inotify (~> 0.9, >= 0.9.7)
      ruby_dep (~> 1.2)
    mini_portile2 (2.5.1)
    mustermann (1.0.3)
    nokogiri (1.11.4)
      mini_portile2 (~> 2.5.0)
      racc (~> 1.4)
    petfinder (1.0.3)
      excon (~> 0.26)
      nokogiri (~> 1.6)
    pg (1.1.3)
    raabro (1.1.6)
    racc (1.5.2)
    rack (2.0.8)
    rack-protection (2.0.5)
      rack
    rake (12.3.2)
    rb-fsevent (0.10.3)
    rb-inotify (0.10.0)
      ffi (~> 1.0)
    rerun (0.13.0)
      listen (~> 3.0)
    ruby_dep (1.5.0)
    rufus-scheduler (3.5.2)
      fugit (~> 1.1, >= 1.1.5)
    sequel (5.16.0)
    sinatra (2.0.5)
      mustermann (~> 1.0)
      rack (~> 2.0)
      rack-protection (= 2.0.5)
      tilt (~> 2.0)
    thin (1.7.2)
      daemons (~> 1.0, >= 1.0.9)
      eventmachine (~> 1.0, >= 1.0.4)
      rack (>= 1, < 3)
    tilt (2.0.9)
    tzinfo (2.0.0)
      concurrent-ruby (~> 1.0)

PLATFORMS
  ruby

DEPENDENCIES
  dotenv!
  json!
  petfinder (= 1.0.3)!
  pg!
  rake!
  rerun!
  rufus-scheduler!
  sequel!
  sinatra!
  thin!

BUNDLED WITH
   1.17.2
